GEM
  remote: http://rubygems.org/
  specs:
    abstract (1.0.0)
    actionmailer (3.0.3)
      actionpack (= 3.0.3)
      mail (~> 2.2.9)
    actionpack (3.0.3)
      activemodel (= 3.0.3)
      activesupport (= 3.0.3)
      builder (~> 2.1.2)
      erubis (~> 2.6.6)
      i18n (~> 0.4)
      rack (~> 1.2.1)
      rack-mount (~> 0.6.13)
      rack-test (~> 0.5.6)
      tzinfo (~> 0.3.23)
    activemodel (3.0.3)
      activesupport (= 3.0.3)
      builder (~> 2.1.2)
      i18n (~> 0.4)
    activerecord (3.0.3)
      activemodel (= 3.0.3)
      activesupport (= 3.0.3)
      arel (~> 2.0.2)
      tzinfo (~> 0.3.23)
    activeresource (3.0.3)
      activemodel (= 3.0.3)
      activesupport (= 3.0.3)
    activesupport (3.0.3)
    airbrake (3.1.4)
      builder
      girl_friday
    arel (2.0.10)
    awesome_print (1.1.0)
    builder (2.1.2)
    connection_pool (0.9.2)
    daemons (1.1.9)
    diff-lcs (1.1.3)
    domain_name (0.5.4)
      unf (~> 0.0.3)
    erubis (2.6.6)
      abstract (>= 1.0.0)
    eventmachine (1.0.0)
    girl_friday (0.10.0)
      connection_pool (~> 0.9.0)
    haml (3.0.25)
    i18n (0.6.1)
    mail (2.2.19)
      activesupport (>= 2.3.6)
      i18n (>= 0.4.0)
      mime-types (~> 1.16)
      treetop (~> 1.4.8)
    mechanize (2.5.1)
      domain_name (~> 0.5, >= 0.5.1)
      mime-types (~> 1.17, >= 1.17.2)
      net-http-digest_auth (~> 1.1, >= 1.1.1)
      net-http-persistent (~> 2.5, >= 2.5.2)
      nokogiri (~> 1.4)
      ntlm-http (~> 0.1, >= 0.1.1)
      webrobots (~> 0.0, >= 0.0.9)
    mime-types (1.19)
    net-http-digest_auth (1.2.1)
    net-http-persistent (2.7)
    nokogiri (1.4.4)
    ntlm-http (0.1.1)
    pdfkit (0.5.0)
    pg (0.10.1)
    polyglot (0.3.3)
    rack (1.2.5)
    rack-google_analytics (1.0.1)
    rack-mount (0.6.14)
      rack (>= 1.0.0)
    rack-test (0.5.7)
      rack (>= 1.0)
    rails (3.0.3)
      actionmailer (= 3.0.3)
      actionpack (= 3.0.3)
      activerecord (= 3.0.3)
      activeresource (= 3.0.3)
      activesupport (= 3.0.3)
      bundler (~> 1.0)
      railties (= 3.0.3)
    railties (3.0.3)
      actionpack (= 3.0.3)
      activesupport (= 3.0.3)
      rake (>= 0.8.7)
      thor (~> 0.14.4)
    rake (0.9.2.2)
    ri_cal (0.8.8)
    rspec (2.11.0)
      rspec-core (~> 2.11.0)
      rspec-expectations (~> 2.11.0)
      rspec-mocks (~> 2.11.0)
    rspec-core (2.11.1)
    rspec-expectations (2.11.3)
      diff-lcs (~> 1.1.3)
    rspec-mocks (2.11.3)
    rspec-rails (2.11.0)
      actionpack (>= 3.0)
      activesupport (>= 3.0)
      railties (>= 3.0)
      rspec (~> 2.11.0)
    rubyzip (0.9.9)
    silent-postgres (0.1.1)
    spork (0.9.2)
    thin (1.2.7)
      daemons (>= 1.0.9)
      eventmachine (>= 0.12.6)
      rack (>= 1.0.0)
    thor (0.14.6)
    treetop (1.4.10)
      polyglot
      polyglot (>= 0.3.1)
    tzinfo (0.3.33)
    unf (0.0.5)
      unf_ext
    unf_ext (0.0.5)
    vpim (0.695)
    watchr (0.7)
    webrat (0.7.3)
      nokogiri (>= 1.2.0)
      rack (>= 1.0)
      rack-test (>= 0.5.3)
    webrobots (0.0.13)
    zippy (0.2.1)
      rubyzip (>= 0.9.1)

PLATFORMS
  ruby

DEPENDENCIES
  airbrake
  awesome_print
  haml (= 3.0.25)
  mechanize (= 2.5.1)
  nokogiri (= 1.4.4)
  pdfkit (= 0.5.0)
  pg (= 0.10.1)
  rack-google_analytics (= 1.0.1)
  rails (= 3.0.3)
  ri_cal (= 0.8.8)
  rspec-rails
  silent-postgres
  spork (~> 0.9.0.rc)
  thin (= 1.2.7)
  vpim (= 0.695)
  watchr
  webrat
  zippy
